NUGET
  remote: https://www.nuget.org/api/v2
    FAKE (4.39)
    Microsoft.Research.InferNET (2.6.41114.1)
